{
	"Modality": "MR",
	"MagneticFieldStrength": 6.98,
	"Manufacturer": "Siemens",
	"ManufacturersModelName": "Investigational_Device_7T",
	"InstitutionName": "Robarts_Research_Institute",
	"InstitutionalDepartmentName": "Department",
	"InstitutionAddress": "Perth_Drive_100_London_E0D672_Ontario_CA_N6A_5KB",
	"DeviceSerialNumber": "18932",
	"StationName": "MASTER",
	"PatientPosition": "HFS",
	"ProcedureStepDescription": "Everling_NHP",
	"SoftwareVersions": "syngo_MR_B17",
	"MRAcquisitionType": "2D",
	"SeriesDescription": "ep2d_advdiff_cor_iso_64dirs_H>>F_ORIG",
	"ProtocolName": "ep2d_advdiff_cor_iso_64dirs_H>>F",
	"ScanningSequence": "EP",
	"SequenceVariant": "SK_SP",
	"ScanOptions": ".18.34.328125.23385307.IMA",
	"SequenceName": "epse2d1_104",
	"ImageType": ["ORIGINAL", "PRIMARY", "DIFFUSION", "NONE", "ND", "MOSAIC"],
	"SeriesNumber": 27,
	"AcquisitionTime": "15:15:58.027500",
	"AcquisitionNumber": 3,
	"SliceThickness": 1,
	"SpacingBetweenSlices": 1.1,
	"EchoTime": 0.0488,
	"RepetitionTime": 7.5,
	"FlipAngle": 180,
	"PartialFourier": 0.75,
	"BaseResolution": 104,
	"ShimSetting": [
		-24,
		1719,
		992,
		1865,
		61,
		-3616,
		1283,
		294	],
	"TxRefAmp": 115,
	"PhaseResolution": 1,
	"ReceiveCoilName": "8Tx24Rx_NHP_CFMM",
	"PulseSequenceDetails": "%CustomerSeq%_ep2d_advdiff_511E",
	"PercentPhaseFOV": 100,
	"PhaseEncodingSteps": 78,
	"AcquisitionMatrixPE": 104,
	"ReconMatrixPE": 104,
	"BandwidthPerPixelPhaseEncode": 46.526,
	"ParallelReductionFactorInPlane": 3,
	"EffectiveEchoSpacing": 0.000206667,
	"DerivedVendorReportedEchoSpacing": 0.000620001,
	"TotalReadoutTime": 0.0212867,
	"PixelBandwidth": 1923,
	"DwellTime": 2.5e-06,
	"PhaseEncodingDirection": "j-",
	"SliceTiming": [
		3.765,
		0,
		3.93,
		0.165,
		4.0925,
		0.3275,
		4.2575,
		0.4925,
		4.42,
		0.655,
		4.585,
		0.82,
		4.7475,
		0.9825,
		4.91,
		1.1475,
		5.075,
		1.31,
		5.2375,
		1.475,
		5.4025,
		1.6375,
		5.565,
		1.8,
		5.73,
		1.965,
		5.8925,
		2.1275,
		6.0575,
		2.2925,
		6.22,
		2.455,
		6.385,
		2.62,
		6.5475,
		2.7825,
		6.7125,
		2.9475,
		6.875,
		3.11,
		7.04,
		3.275,
		7.2025,
		3.4375,
		7.3675,
		3.6025	],
	"ImageOrientationPatientDICOM": [
		0.993951,
		-0.0468736,
		-0.0993198,
		-0.0992095,
		0.00467863,
		-0.995056	],
	"InPlanePhaseEncodingDirectionDICOM": "COL",
	"ConversionSoftware": "dcm2niix",
	"ConversionSoftwareVersion": "v1.0.20180622 Clang9.1.0"
}
