{
	"Modality": "MR",
	"MagneticFieldStrength": 6.98,
	"Manufacturer": "Siemens",
	"ManufacturersModelName": "Investigational_Device_7T",
	"InstitutionName": "Robarts_Research_Institute",
	"InstitutionalDepartmentName": "Department",
	"InstitutionAddress": "Perth_Drive_100_London_A0D362_Ontario_CA_N6A_5KB",
	"DeviceSerialNumber": "18932",
	"StationName": "MASTER",
	"PatientPosition": "HFS",
	"ProcedureStepDescription": "Everling_NHP",
	"SoftwareVersions": "syngo_MR_B17",
	"MRAcquisitionType": "2D",
	"SeriesDescription": "ep2d_diff_mb2_p2_64dirs_b1000",
	"ProtocolName": "ep2d_diff_mb2_p2_64dirs_b1000",
	"ScanningSequence": "EP",
	"SequenceVariant": "SK_SS",
	"ScanOptions": ".27.42.390625.30178453.IMA",
	"SequenceName": "ep_b0",
	"ImageType": ["ORIGINAL", "PRIMARY", "DIFFUSION", "NONE", "MB", "ND", "MOSAIC"],
	"SeriesNumber": 27,
	"AcquisitionTime": "12:01:44.212500",
	"AcquisitionNumber": 1,
	"ImageComments": "Unaliased_MB2_PE4",
	"SliceThickness": 1,
	"SpacingBetweenSlices": 1.1,
	"EchoTime": 0.047,
	"RepetitionTime": 6,
	"FlipAngle": 90,
	"PartialFourier": 0.625,
	"BaseResolution": 128,
	"ShimSetting": [
		-137,
		496,
		1449,
		-1594,
		-842,
		-5531,
		272,
		182	],
	"TxRefAmp": 115,
	"PhaseResolution": 1,
	"ReceiveCoilName": "8Tx24Rx_NHP_CFMM",
	"PulseSequenceDetails": "%CustomerSeq%_cmrr_mbep2d_diff",
	"MultibandAccelerationFactor": 2,
	"PercentPhaseFOV": 100,
	"PhaseEncodingSteps": 83,
	"AcquisitionMatrixPE": 128,
	"ReconMatrixPE": 128,
	"BandwidthPerPixelPhaseEncode": 20.833,
	"ParallelReductionFactorInPlane": 2,
	"EffectiveEchoSpacing": 0.000375006,
	"DerivedVendorReportedEchoSpacing": 0.000750012,
	"TotalReadoutTime": 0.0476258,
	"PixelBandwidth": 1502,
	"DwellTime": 2.6e-06,
	"PhaseEncodingDirection": "j",
	"SliceTiming": [
		0,
		3.1425,
		0.2625,
		3.405,
		0.5225,
		3.6675,
		0.785,
		3.9275,
		1.0475,
		4.19,
		1.31,
		4.4525,
		1.57,
		4.715,
		1.8325,
		4.975,
		2.095,
		5.2375,
		2.3575,
		5.5,
		2.6175,
		5.7625,
		2.88,
		0,
		3.1425,
		0.2625,
		3.405,
		0.5225,
		3.6675,
		0.785,
		3.9275,
		1.0475,
		4.19,
		1.31,
		4.4525,
		1.57,
		4.715,
		1.8325,
		4.975,
		2.095,
		5.2375,
		2.3575,
		5.5,
		2.6175,
		5.7625,
		2.88	],
	"ImageOrientationPatientDICOM": [
		0.997801,
		0.0662739,
		0,
		0,
		0,
		-1	],
	"InPlanePhaseEncodingDirectionDICOM": "COL",
	"ConversionSoftware": "dcm2niix",
	"ConversionSoftwareVersion": "v1.0.20180622 Clang9.1.0"
}
