{
	"Modality": "MR",
	"MagneticFieldStrength": 6.98,
	"Manufacturer": "Siemens",
	"ManufacturersModelName": "Investigational_Device_7T",
	"InstitutionName": "Robarts_Research_Institute",
	"InstitutionalDepartmentName": "Department",
	"InstitutionAddress": "Perth_Drive_100_London_A0D362_Ontario_CA_N6A_5KB",
	"DeviceSerialNumber": "18932",
	"StationName": "MASTER",
	"PatientPosition": "HFS",
	"ProcedureStepDescription": "Everling_NHP",
	"SoftwareVersions": "syngo_MR_B17",
	"MRAcquisitionType": "2D",
	"SeriesDescription": "ep2d_diff_mb2_p2_64dirs_b1000",
	"ProtocolName": "ep2d_diff_mb2_p2_64dirs_b1000",
	"ScanningSequence": "EP",
	"SequenceVariant": "SK",
	"ScanOptions": "5.906250.29641985.IMA",
	"SequenceName": "ep_b0",
	"ImageType": ["ORIGINAL", "PRIMARY", "DIFFUSION", "NONE", "ND", "MOSAIC"],
	"SeriesNumber": 32,
	"AcquisitionTime": "11:36:42.317500",
	"AcquisitionNumber": 1,
	"ImageComments": "Unaliased_MB2_PE3",
	"SliceThickness": 1,
	"SpacingBetweenSlices": 1.1,
	"EchoTime": 0.047,
	"RepetitionTime": 6,
	"FlipAngle": 90,
	"PartialFourier": 0.625,
	"BaseResolution": 128,
	"ShimSetting": [
		153,
		1134,
		1195,
		284,
		-861,
		-5074,
		1142,
		-916	],
	"TxRefAmp": 110,
	"PhaseResolution": 1,
	"ReceiveCoilName": "8Tx24Rx_NHP_CFMM",
	"PulseSequenceDetails": "%CustomerSeq%_cmrr_mbep2d_diff",
	"MultibandAccelerationFactor": 2,
	"PercentPhaseFOV": 100,
	"PhaseEncodingSteps": 83,
	"AcquisitionMatrixPE": 128,
	"ReconMatrixPE": 128,
	"BandwidthPerPixelPhaseEncode": 20.292,
	"ParallelReductionFactorInPlane": 2,
	"EffectiveEchoSpacing": 0.000385004,
	"DerivedVendorReportedEchoSpacing": 0.000770008,
	"TotalReadoutTime": 0.0488955,
	"PixelBandwidth": 1502,
	"DwellTime": 2.6e-06,
	"PhaseEncodingDirection": "i",
	"SliceTiming": [
		0,
		3.1425,
		0.26,
		3.4025,
		0.5225,
		3.665,
		0.785,
		3.9275,
		1.0475,
		4.19,
		1.3075,
		4.45,
		1.57,
		4.7125,
		1.8325,
		4.975,
		2.095,
		5.2375,
		2.355,
		5.5,
		2.6175,
		5.76,
		2.88,
		0,
		3.1425,
		0.26,
		3.4025,
		0.5225,
		3.665,
		0.785,
		3.9275,
		1.0475,
		4.19,
		1.3075,
		4.45,
		1.57,
		4.7125,
		1.8325,
		4.975,
		2.095,
		5.2375,
		2.355,
		5.5,
		2.6175,
		5.76,
		2.88	],
	"ImageOrientationPatientDICOM": [
		0.989272,
		0.146083,
		0,
		0,
		0,
		-1	],
	"InPlanePhaseEncodingDirectionDICOM": "ROW",
	"ConversionSoftware": "dcm2niix",
	"ConversionSoftwareVersion": "v1.0.20180622 Clang9.1.0"
}
