{
	"Modality": "MR",
	"MagneticFieldStrength": 6.98,
	"Manufacturer": "Siemens",
	"ManufacturersModelName": "Investigational_Device_7T",
	"InstitutionName": "Robarts_Research_Institute",
	"InstitutionalDepartmentName": "Department",
	"InstitutionAddress": "Perth_Drive_100_London_E0D672_Ontario_CA_N6A_5KB",
	"DeviceSerialNumber": "18932",
	"StationName": "MASTER",
	"PatientPosition": "HFS",
	"ProcedureStepDescription": "Menon_MS",
	"SoftwareVersions": "syngo_MR_B17",
	"MRAcquisitionType": "2D",
	"SeriesDescription": "ep2d_diff_mb2_p2_64dirs_b1000_F>>H",
	"ProtocolName": "ep2d_diff_mb2_p2_64dirs_b1000_F>>H",
	"ScanningSequence": "EP",
	"SequenceVariant": "SK_SS",
	"ScanOptions": "8750.5327327.IMA",
	"SequenceName": "ep_b0",
	"ImageType": ["ORIGINAL", "PRIMARY", "DIFFUSION", "NONE", "MB", "ND", "MOSAIC"],
	"SeriesNumber": 27,
	"AcquisitionTime": "12:27:31.407500",
	"AcquisitionNumber": 1,
	"ImageComments": "Unaliased_MB2_PE4",
	"SliceThickness": 1,
	"SpacingBetweenSlices": 1.1,
	"EchoTime": 0.047,
	"RepetitionTime": 6,
	"FlipAngle": 90,
	"PartialFourier": 0.625,
	"BaseResolution": 128,
	"ShimSetting": [
		23,
		986,
		893,
		-1882,
		-210,
		-562,
		-21,
		-184	],
	"TxRefAmp": 110,
	"PhaseResolution": 1,
	"ReceiveCoilName": "8Tx24Rx_NHP_CFMM",
	"PulseSequenceDetails": "%CustomerSeq%_cmrr_mbep2d_diff",
	"MultibandAccelerationFactor": 2,
	"PercentPhaseFOV": 100,
	"PhaseEncodingSteps": 83,
	"AcquisitionMatrixPE": 128,
	"ReconMatrixPE": 128,
	"BandwidthPerPixelPhaseEncode": 20.833,
	"ParallelReductionFactorInPlane": 2,
	"EffectiveEchoSpacing": 0.000375006,
	"DerivedVendorReportedEchoSpacing": 0.000750012,
	"TotalReadoutTime": 0.0476258,
	"PixelBandwidth": 1502,
	"DwellTime": 2.6e-06,
	"PhaseEncodingDirection": "j",
	"SliceTiming": [
		0,
		3.1425,
		0.2625,
		3.405,
		0.525,
		3.6675,
		0.7875,
		3.93,
		1.0475,
		4.19,
		1.31,
		4.4525,
		1.5725,
		4.715,
		1.835,
		4.9775,
		2.095,
		5.2375,
		2.3575,
		5.5,
		2.62,
		5.7625,
		2.8825,
		0,
		3.1425,
		0.2625,
		3.405,
		0.525,
		3.6675,
		0.7875,
		3.93,
		1.0475,
		4.19,
		1.31,
		4.4525,
		1.5725,
		4.715,
		1.835,
		4.9775,
		2.095,
		5.2375,
		2.3575,
		5.5,
		2.62,
		5.7625,
		2.8825	],
	"ImageOrientationPatientDICOM": [
		1,
		0,
		0,
		0,
		0.356738,
		-0.934204	],
	"InPlanePhaseEncodingDirectionDICOM": "COL",
	"ConversionSoftware": "dcm2niix",
	"ConversionSoftwareVersion": "v1.0.20180622 Clang9.1.0"
}
