{
	"Modality": "MR",
	"MagneticFieldStrength": 6.98,
	"Manufacturer": "Siemens",
	"ManufacturersModelName": "Investigational_Device_7T",
	"InstitutionName": "Robarts_Research_Institute",
	"InstitutionalDepartmentName": "Department",
	"InstitutionAddress": "Perth_Drive_100_London_E0D672_Ontario_CA_N6A_5KB",
	"DeviceSerialNumber": "18932",
	"StationName": "MASTER",
	"PatientPosition": "HFS",
	"ProcedureStepDescription": "Everling_NHP",
	"SoftwareVersions": "syngo_MR_B17",
	"MRAcquisitionType": "2D",
	"SeriesDescription": "ep2d_advdiff_cor_iso_64dirs_F>>H_DFC_MIX",
	"ProtocolName": "ep2d_advdiff_cor_iso_64dirs_F>>H",
	"ScanningSequence": "EP",
	"SequenceVariant": "SK_SP",
	"ScanOptions": ".343750.26552922.IMA",
	"SequenceName": "ep_b0",
	"ImageType": ["ORIGINAL", "PRIMARY", "DIFFUSION", "NONE", "ND", "DFC", "MOSAIC"],
	"SeriesNumber": 27,
	"AcquisitionTime": "14:16:54.907500",
	"AcquisitionNumber": 3,
	"SliceThickness": 1,
	"SpacingBetweenSlices": 1.1,
	"EchoTime": 0.0488,
	"RepetitionTime": 7.5,
	"FlipAngle": 180,
	"PartialFourier": 0.75,
	"BaseResolution": 104,
	"ShimSetting": [
		-97,
		1306,
		1590,
		-2091,
		912,
		-5270,
		-24,
		-125	],
	"TxRefAmp": 115,
	"PhaseResolution": 1,
	"ReceiveCoilName": "8Tx24Rx_NHP_CFMM",
	"PulseSequenceDetails": "%CustomerSeq%_ep2d_advdiff_511E",
	"PercentPhaseFOV": 100,
	"PhaseEncodingSteps": 78,
	"AcquisitionMatrixPE": 104,
	"ReconMatrixPE": 104,
	"BandwidthPerPixelPhaseEncode": 46.526,
	"ParallelReductionFactorInPlane": 3,
	"EffectiveEchoSpacing": 0.000206667,
	"DerivedVendorReportedEchoSpacing": 0.000620001,
	"TotalReadoutTime": 0.0212867,
	"PixelBandwidth": 1923,
	"DwellTime": 2.5e-06,
	"PhaseEncodingDirection": "j",
	"SliceTiming": [
		3.765,
		0,
		3.9275,
		0.1625,
		4.0925,
		0.3275,
		4.255,
		0.49,
		4.42,
		0.655,
		4.5825,
		0.8175,
		4.745,
		0.9825,
		4.91,
		1.145,
		5.0725,
		1.31,
		5.2375,
		1.4725,
		5.4,
		1.635,
		5.565,
		1.8,
		5.7275,
		1.9625,
		5.8925,
		2.1275,
		6.055,
		2.29,
		6.22,
		2.455,
		6.3825,
		2.6175,
		6.5475,
		2.7825,
		6.71,
		2.945,
		6.875,
		3.11,
		7.0375,
		3.2725,
		7.2025,
		3.4375,
		7.365,
		3.6	],
	"ImageOrientationPatientDICOM": [
		0.999841,
		0.0178356,
		2.51612e-08,
		-0.00367718,
		0.20614,
		-0.978516	],
	"InPlanePhaseEncodingDirectionDICOM": "COL",
	"ConversionSoftware": "dcm2niix",
	"ConversionSoftwareVersion": "v1.0.20180622 Clang9.1.0"
}
