{
	"Modality": "MR",
	"MagneticFieldStrength": 6.98,
	"Manufacturer": "Siemens",
	"ManufacturersModelName": "Investigational_Device_7T",
	"InstitutionName": "Robarts_Research_Institute",
	"InstitutionalDepartmentName": "Department",
	"InstitutionAddress": "Perth_Drive_100_London_E0D672_Ontario_CA_N6A_5KB",
	"DeviceSerialNumber": "18932",
	"StationName": "MASTER",
	"PatientPosition": "HFS",
	"ProcedureStepDescription": "Everling_NHP",
	"SoftwareVersions": "syngo_MR_B17",
	"MRAcquisitionType": "3D",
	"SeriesDescription": "mp2rage_cor_500iso_p2_UNI-DEN",
	"ProtocolName": "mp2rage_cor_500iso_p2",
	"ScanningSequence": "GR_IR",
	"SequenceVariant": "SP_MP",
	"ScanOptions": ".18.34.328125.23304147.IMA",
	"SequenceName": "tfl3d1",
	"ImageType": ["ORIGINAL", "PRIMARY", "M", "ND", "UNI"],
	"SeriesNumber": 10,
	"AcquisitionTime": "13:59:29.952500",
	"AcquisitionNumber": 1,
	"ImageComments": "DENOISED_IMAGE_(lambda_=_80)",
	"SliceThickness": 0.5,
	"EchoTime": 0.00315,
	"RepetitionTime": 6.5,
	"PartialFourier": 1,
	"BaseResolution": 256,
	"ShimSetting": [
		-24,
		1719,
		992,
		1865,
		61,
		-3616,
		1283,
		294	],
	"TxRefAmp": 120,
	"PhaseResolution": 1,
	"ReceiveCoilName": "8Tx24Rx_NHP_CFMM",
	"PulseSequenceDetails": "%CustomerSeq%_tfl_wip914b17a_pTx",
	"PercentPhaseFOV": 78.125,
	"PhaseEncodingSteps": 199,
	"AcquisitionMatrixPE": 200,
	"ReconMatrixPE": 256,
	"ParallelReductionFactorInPlane": 2,
	"PixelBandwidth": 241,
	"DwellTime": 8.1e-06,
	"ImageOrientationPatientDICOM": [
		0.992701,
		-0.0868501,
		0.0836778,
		0.0833594,
		-0.00729303,
		-0.996493	],
	"InPlanePhaseEncodingDirectionDICOM": "ROW",
	"ConversionSoftware": "dcm2niix",
	"ConversionSoftwareVersion": "v1.0.20180622 Clang9.1.0"
}
