{
	"Modality": "MR",
	"MagneticFieldStrength": 6.98,
	"Manufacturer": "Siemens",
	"ManufacturersModelName": "Investigational_Device_7T",
	"InstitutionName": "Robarts_Research_Institute",
	"InstitutionalDepartmentName": "Department",
	"InstitutionAddress": "Perth_Drive_100_London_E0D672_Ontario_CA_N6A_5KB",
	"DeviceSerialNumber": "18932",
	"StationName": "MASTER",
	"PatientPosition": "HFS",
	"ProcedureStepDescription": "Corneil_NHP",
	"SoftwareVersions": "syngo_MR_B17",
	"MRAcquisitionType": "2D",
	"SeriesDescription": "ep2d_advdiff_cor_iso_64dirs_ORIG",
	"ProtocolName": "ep2d_advdiff_cor_iso_64dirs",
	"ScanningSequence": "EP",
	"SequenceVariant": "SK_SP",
	"ScanOptions": ".14.32.296875.25503865.IMA",
	"SequenceName": "epse2d1_104",
	"ImageType": ["ORIGINAL", "PRIMARY", "DIFFUSION", "NONE", "ND", "MOSAIC"],
	"SeriesNumber": 24,
	"AcquisitionTime": "11:28:45.935000",
	"AcquisitionNumber": 3,
	"SliceThickness": 1,
	"SpacingBetweenSlices": 1.1,
	"EchoTime": 0.0488,
	"RepetitionTime": 7.5,
	"FlipAngle": 180,
	"PartialFourier": 0.75,
	"BaseResolution": 104,
	"ShimSetting": [
		-142,
		1413,
		1026,
		-264,
		-1313,
		-3122,
		829,
		287	],
	"TxRefAmp": 115,
	"PhaseResolution": 1,
	"ReceiveCoilName": "8Tx24Rx_NHP_CFMM",
	"PulseSequenceDetails": "%CustomerSeq%_ep2d_advdiff_511E",
	"PercentPhaseFOV": 100,
	"PhaseEncodingSteps": 78,
	"AcquisitionMatrixPE": 104,
	"ReconMatrixPE": 104,
	"BandwidthPerPixelPhaseEncode": 46.526,
	"ParallelReductionFactorInPlane": 3,
	"EffectiveEchoSpacing": 0.000206667,
	"DerivedVendorReportedEchoSpacing": 0.000620001,
	"TotalReadoutTime": 0.0212867,
	"PixelBandwidth": 1923,
	"DwellTime": 2.5e-06,
	"PhaseEncodingDirection": "j",
	"SliceTiming": [
		3.765,
		0,
		3.9275,
		0.165,
		4.0925,
		0.3275,
		4.255,
		0.4925,
		4.42,
		0.655,
		4.5825,
		0.8175,
		4.7475,
		0.9825,
		4.91,
		1.145,
		5.075,
		1.31,
		5.2375,
		1.4725,
		5.4025,
		1.6375,
		5.565,
		1.8,
		5.73,
		1.965,
		5.8925,
		2.1275,
		6.0575,
		2.2925,
		6.22,
		2.455,
		6.385,
		2.62,
		6.5475,
		2.7825,
		6.7125,
		2.9475,
		6.875,
		3.11,
		7.0375,
		3.275,
		7.2025,
		3.4375,
		7.365,
		3.6025	],
	"ImageOrientationPatientDICOM": [
		1,
		0,
		0,
		0,
		0.190809,
		-0.981627	],
	"InPlanePhaseEncodingDirectionDICOM": "COL",
	"ConversionSoftware": "dcm2niix",
	"ConversionSoftwareVersion": "v1.0.20180622 Clang9.1.0"
}
