{
	"Modality": "MR",
	"MagneticFieldStrength": 6.98,
	"Manufacturer": "Siemens",
	"ManufacturersModelName": "Investigational_Device_7T",
	"InstitutionName": "Robarts_Research_Institute",
	"InstitutionAddress": "Perth_Drive_100_London_A0D362_Ontario_CA_N6A_5KB",
	"DeviceSerialNumber": "18932",
	"StationName": "MASTER",
	"PatientPosition": "HFS",
	"ProcedureStepDescription": "Everling_NHP",
	"SoftwareVersions": "syngo_MR_B17",
	"MRAcquisitionType": "3D",
	"SeriesDescription": "mp2rage_cor_500iso_p2_UNI-DEN",
	"ProtocolName": "mp2rage_cor_500iso_p2",
	"ScanningSequence": "GR_IR",
	"SequenceVariant": "SP_MP",
	"ScanOptions": "5.906250.29577209.IMA",
	"SequenceName": "tfl3d1",
	"ImageType": ["ORIGINAL", "PRIMARY", "M", "ND", "UNI"],
	"SeriesNumber": 22,
	"AcquisitionTime": "10:27:32.962500",
	"AcquisitionNumber": 1,
	"ImageComments": "DENOISED_IMAGE_(lambda_=_100)",
	"SliceThickness": 0.5,
	"EchoTime": 0.00315,
	"RepetitionTime": 6.5,
	"PartialFourier": 1,
	"BaseResolution": 256,
	"ShimSetting": [
		153,
		1134,
		1195,
		284,
		-861,
		-5074,
		1142,
		-916	],
	"TxRefAmp": 110,
	"PhaseResolution": 1,
	"ReceiveCoilName": "8Tx24Rx_NHP_CFMM",
	"PulseSequenceDetails": "%CustomerSeq%_tfl_wip900b17a",
	"PercentPhaseFOV": 78.9062,
	"PhaseEncodingSteps": 202,
	"AcquisitionMatrixPE": 202,
	"ReconMatrixPE": 256,
	"ParallelReductionFactorInPlane": 2,
	"PixelBandwidth": 241,
	"ImageOrientationPatientDICOM": [
		0.989272,
		0.146083,
		0,
		0,
		0,
		-1	],
	"InPlanePhaseEncodingDirectionDICOM": "ROW",
	"ConversionSoftware": "dcm2niix",
	"ConversionSoftwareVersion": "v1.0.20180622 Clang9.1.0"
}
