{
	"Modality": "MR",
	"MagneticFieldStrength": 6.98,
	"Manufacturer": "Siemens",
	"ManufacturersModelName": "Investigational_Device_7T",
	"InstitutionName": "Robarts_Research_Institute",
	"InstitutionalDepartmentName": "Department",
	"InstitutionAddress": "Perth_Drive_100_London_A0D362_Ontario_CA_N6A_5KB",
	"DeviceSerialNumber": "18932",
	"StationName": "MASTER",
	"PatientPosition": "HFS",
	"ProcedureStepDescription": "Everling_NHP",
	"SoftwareVersions": "syngo_MR_B17",
	"MRAcquisitionType": "3D",
	"SeriesDescription": "mp2rage_cor_500iso_p2_UNI-DEN",
	"ProtocolName": "mp2rage_cor_500iso_p2",
	"ScanningSequence": "GR_IR",
	"SequenceVariant": "SP_MP",
	"ScanOptions": ".27.42.390625.30105072.IMA",
	"SequenceName": "tfl3d1",
	"ImageType": ["ORIGINAL", "PRIMARY", "M", "ND", "UNI"],
	"SeriesNumber": 14,
	"AcquisitionTime": "10:48:30.965000",
	"AcquisitionNumber": 1,
	"ImageComments": "DENOISED_IMAGE_(lambda_=_100)",
	"SliceThickness": 0.5,
	"EchoTime": 0.00315,
	"RepetitionTime": 6.5,
	"PartialFourier": 1,
	"BaseResolution": 256,
	"ShimSetting": [
		-196,
		314,
		789,
		-1955,
		-384,
		-1473,
		-559,
		310	],
	"TxRefAmp": 115,
	"PhaseResolution": 1,
	"ReceiveCoilName": "8Tx24Rx_NHP_CFMM",
	"PulseSequenceDetails": "%CustomerSeq%_tfl_wip900b17a",
	"PercentPhaseFOV": 78.9062,
	"PhaseEncodingSteps": 202,
	"AcquisitionMatrixPE": 202,
	"ReconMatrixPE": 256,
	"ParallelReductionFactorInPlane": 2,
	"PixelBandwidth": 241,
	"DwellTime": 8.1e-06,
	"ImageOrientationPatientDICOM": [
		0.997801,
		0.0662739,
		0,
		0,
		1e-16,
		-1	],
	"InPlanePhaseEncodingDirectionDICOM": "ROW",
	"ConversionSoftware": "dcm2niix",
	"ConversionSoftwareVersion": "v1.0.20180622 Clang9.1.0"
}
