{
	"Modality": "MR",
	"MagneticFieldStrength": 6.98,
	"Manufacturer": "Siemens",
	"ManufacturersModelName": "Investigational_Device_7T",
	"InstitutionName": "Robarts_Research_Institute",
	"InstitutionalDepartmentName": "Department",
	"InstitutionAddress": "Perth_Drive_100_London_E0D672_Ontario_CA_N6A_5KB",
	"DeviceSerialNumber": "18932",
	"StationName": "MASTER",
	"PatientPosition": "HFS",
	"ProcedureStepDescription": "Everling_NHP",
	"SoftwareVersions": "syngo_MR_B17",
	"MRAcquisitionType": "2D",
	"SeriesDescription": "ep2d_advdiff_cor_iso_64dirs_F>>H_ORIG",
	"ProtocolName": "ep2d_advdiff_cor_iso_64dirs_F>>H",
	"ScanningSequence": "EP",
	"SequenceVariant": "SK_SP",
	"ScanOptions": ".875000.26417293.IMA",
	"SequenceName": "epse2d1_104",
	"ImageType": ["ORIGINAL", "PRIMARY", "DIFFUSION", "NONE", "ND", "MOSAIC"],
	"SeriesNumber": 29,
	"AcquisitionTime": "11:05:38.095000",
	"AcquisitionNumber": 3,
	"SliceThickness": 1,
	"SpacingBetweenSlices": 1.1,
	"EchoTime": 0.0488,
	"RepetitionTime": 7.5,
	"FlipAngle": 180,
	"PartialFourier": 0.75,
	"BaseResolution": 104,
	"ShimSetting": [
		5,
		1165,
		1244,
		-521,
		138,
		-3383,
		105,
		90	],
	"TxRefAmp": 115,
	"PhaseResolution": 1,
	"ReceiveCoilName": "8Tx24Rx_NHP_CFMM",
	"PulseSequenceDetails": "%CustomerSeq%_ep2d_advdiff_511E",
	"PercentPhaseFOV": 100,
	"PhaseEncodingSteps": 78,
	"AcquisitionMatrixPE": 104,
	"ReconMatrixPE": 104,
	"BandwidthPerPixelPhaseEncode": 46.526,
	"ParallelReductionFactorInPlane": 3,
	"EffectiveEchoSpacing": 0.000206667,
	"DerivedVendorReportedEchoSpacing": 0.000620001,
	"TotalReadoutTime": 0.0212867,
	"PixelBandwidth": 1923,
	"DwellTime": 2.5e-06,
	"PhaseEncodingDirection": "j",
	"SliceTiming": [
		3.765,
		0,
		3.93,
		0.165,
		4.0925,
		0.3275,
		4.2575,
		0.4925,
		4.42,
		0.655,
		4.585,
		0.82,
		4.7475,
		0.9825,
		4.9125,
		1.1475,
		5.075,
		1.31,
		5.24,
		1.475,
		5.4025,
		1.6375,
		5.5675,
		1.8025,
		5.73,
		1.965,
		5.8925,
		2.13,
		6.0575,
		2.2925,
		6.22,
		2.4575,
		6.385,
		2.62,
		6.5475,
		2.7825,
		6.7125,
		2.9475,
		6.875,
		3.11,
		7.04,
		3.275,
		7.2025,
		3.4375,
		7.3675,
		3.6025	],
	"ImageOrientationPatientDICOM": [
		0.999491,
		-0.0319047,
		6.25685e-09,
		0.00559227,
		0.175191,
		-0.984519	],
	"InPlanePhaseEncodingDirectionDICOM": "COL",
	"ConversionSoftware": "dcm2niix",
	"ConversionSoftwareVersion": "v1.0.20180622 Clang9.1.0"
}
